GEM
  remote: https://rubygems.org/
  specs:
    activesupport (5.1.4)
      concurrent-ruby (~> 1.0, >= 1.0.2)
      i18n (~> 0.7)
      minitest (~> 5.1)
      tzinfo (~> 1.1)
    asset (0.2.3)
      activesupport
      rack
      sass
      therubyracer
      uglifier
    bcrypt (3.1.11)
    bson (4.2.2)
    builder (3.2.3)
    concurrent-ruby (1.0.5)
    domain_name (0.5.20170404)
      unf (>= 0.0.5, < 1.0.0)
    erubis (2.7.0)
    excon (0.59.0)
    execjs (2.7.0)
    ffi (1.9.18)
    fog-aws (1.4.1)
      fog-core (~> 1.38)
      fog-json (~> 1.0)
      fog-xml (~> 0.1)
      ipaddress (~> 0.8)
    fog-core (1.45.0)
      builder
      excon (~> 0.58)
      formatador (~> 0.2)
    fog-json (1.0.2)
      fog-core (~> 1.0)
      multi_json (~> 1.10)
    fog-rackspace (0.1.5)
      fog-core (>= 1.35)
      fog-json (>= 1.0)
      fog-xml (>= 0.1)
      ipaddress (>= 0.8)
    fog-xml (0.1.3)
      fog-core
      nokogiri (>= 1.5.11, < 2.0.0)
    formatador (0.2.5)
    fuprint (0.2.0)
      rack
    futest (0.1.1)
      rest-client (>= 2.0)
    hash_dot (2.1.0)
    http-cookie (1.0.3)
      domain_name (~> 0.5)
    i18n (0.9.0)
      concurrent-ruby (~> 1.0)
    ipaddress (0.8.3)
    libv8 (3.16.14.19)
    listen (3.1.5)
      rb-fsevent (~> 0.9, >= 0.9.4)
      rb-inotify (~> 0.9, >= 0.9.7)
      ruby_dep (~> 1.2)
    mime-types (3.1)
      mime-types-data (~> 3.2015)
    mime-types-data (3.2016.0521)
    mini_magick (4.8.0)
    mini_portile2 (2.3.0)
    minitest (5.10.3)
    mongo (2.4.3)
      bson (>= 4.2.1, < 5.0.0)
    mongocore (0.1.5.2)
      activesupport
      mongo (~> 2.2)
      request_store
    multi_json (1.12.2)
    mustermann (1.0.1)
    netrc (0.11.0)
    nokogiri (1.8.1)
      mini_portile2 (~> 2.3.0)
    puma (3.10.0)
    pushfile (0.1.2)
      activesupport
      fog-aws
      fog-rackspace
      mini_magick
    rack (1.6.8)
    rack-cache (1.7.1)
      rack (>= 0.4)
    rack-contrib (1.7.0)
      rack (~> 1.4)
    rack-flash3 (1.0.5)
      rack
    rake (12.1.0)
    rb-fsevent (0.10.2)
    rb-inotify (0.9.10)
      ffi (>= 0.5.0, < 2)
    ref (2.0.0)
    request_store (1.3.2)
    rerun (0.11.0)
      listen (~> 3.0)
    rest-client (2.0.2)
      http-cookie (>= 1.0.2, < 2.0)
      mime-types (>= 1.16, < 4.0)
      netrc (~> 0.8)
    ruby_dep (1.5.0)
    sass (3.5.2)
      sass-listen (~> 4.0.0)
    sass-listen (4.0.0)
      rb-fsevent (~> 0.9, >= 0.9.4)
      rb-inotify (~> 0.9, >= 0.9.7)
    sitemap_generator (6.0.0)
      builder (~> 3.0)
    sucker_punch (2.0.4)
      concurrent-ruby (~> 1.0.0)
    therubyracer (0.12.3)
      libv8 (~> 3.16.14.15)
      ref
    thread_safe (0.3.6)
    tilt (2.0.8)
    tzinfo (1.2.3)
      thread_safe (~> 0.1)
    uglifier (3.2.0)
      execjs (>= 0.3.0, < 3)
    unf (0.1.4)
      unf_ext
    unf_ext (0.0.7.4)
    utf8-cleaner (0.2.5)
      activesupport

PLATFORMS
  ruby

DEPENDENCIES
  activesupport
  asset
  bcrypt
  erubis
  fuprint
  futest
  hash_dot
  listen
  mongocore
  mustermann
  puma
  pushfile
  rack
  rack-cache
  rack-contrib
  rack-flash3
  rake
  request_store
  rerun
  sitemap_generator
  sucker_punch
  tilt
  utf8-cleaner

BUNDLED WITH
   1.15.3
